PATH
  remote: .
  specs:
    questrade_api (0.0.1)

GEM
  remote: https://rubygems.org/
  specs:
    rake (13.0.1)

PLATFORMS
  ruby
  x86-mingw32

DEPENDENCIES
  bundler (~> 1.15)
  questrade_api!
  rake (~> 13.0)

BUNDLED WITH
   1.16.0
